GIT
  remote: git://github.com/kiwimanman/girl_friday.git
  revision: 66b49a790ef80644614be9be542e32ec8e05e67e
  specs:
    girl_friday (0.11.2)
      connection_pool (~> 1.0)
      rubinius-actor

GIT
  remote: git://github.com/kiwimanman/incoming.git
  revision: 1184da64dcbca186c5f27e670efb63801af80cc7
  branch: fix_mailer
  specs:
    incoming (0.1.3)
      mail (~> 2.4)
      postmark-mitt (~> 0.0.11)

GEM
  remote: https://rubygems.org/
  specs:
    actionmailer (4.0.0.beta1)
      actionpack (= 4.0.0.beta1)
      mail (~> 2.5.3)
    actionpack (4.0.0.beta1)
      activesupport (= 4.0.0.beta1)
      builder (~> 3.1.0)
      erubis (~> 2.7.0)
      rack (~> 1.5.2)
      rack-test (~> 0.6.2)
    activemodel (4.0.0.beta1)
      activesupport (= 4.0.0.beta1)
      builder (~> 3.1.0)
    activerecord (4.0.0.beta1)
      activemodel (= 4.0.0.beta1)
      activerecord-deprecated_finders (~> 0.0.3)
      activesupport (= 4.0.0.beta1)
      arel (~> 4.0.0.beta1)
    activerecord-deprecated_finders (0.0.3)
    activesupport (4.0.0.beta1)
      i18n (~> 0.6.2)
      minitest (~> 4.2)
      multi_json (~> 1.3)
      thread_safe (~> 0.1)
      tzinfo (~> 0.3.33)
    arel (4.0.0.beta1)
    atomic (1.0.1)
    bigdecimal (1.2.0)
    builder (3.1.4)
    coffee-rails (4.0.0.beta1)
      coffee-script (>= 2.2.0)
      railties (>= 4.0.0.beta, < 5.0)
    coffee-script (2.2.0)
      coffee-script-source
      execjs
    coffee-script-source (1.6.1)
    columnize (0.3.6)
    connection_pool (1.0.0)
    debugger (1.4.0)
      columnize (>= 0.3.1)
      debugger-linecache (~> 1.1.1)
      debugger-ruby_core_source (~> 1.2.0)
    debugger-linecache (1.1.2)
      debugger-ruby_core_source (>= 1.1.1)
    debugger-ruby_core_source (1.2.0)
    diff-lcs (1.2.1)
    erubis (2.7.0)
    execjs (1.4.0)
      multi_json (~> 1.0)
    factory_girl (4.2.0)
      activesupport (>= 3.0.0)
    factory_girl_rails (4.2.1)
      factory_girl (~> 4.2.0)
      railties (>= 3.0.0)
    faraday (0.8.6)
      multipart-post (~> 1.1)
    foreman (0.62.0)
      thor (>= 0.13.6)
    hashie (1.2.0)
    hike (1.2.1)
    hiredis (0.4.5)
    httpauth (0.2.0)
    i18n (0.6.4)
    jquery-rails (2.2.1)
      railties (>= 3.0, < 5.0)
      thor (>= 0.14, < 2.0)
    json (1.7.7)
    json_pure (1.7.7)
    jwt (0.1.7)
      multi_json (>= 1.5)
    kgio (2.8.0)
    libv8 (3.3.10.4)
    mail (2.5.3)
      i18n (>= 0.4.0)
      mime-types (~> 1.16)
      treetop (~> 1.4.8)
    mime-types (1.21)
    minitest (4.6.2)
    multi_json (1.6.1)
    multipart-post (1.2.0)
    newrelic_rpm (3.5.8.72)
    nokogiri (1.5.6)
    oauth2 (0.8.1)
      faraday (~> 0.8)
      httpauth (~> 0.1)
      jwt (~> 0.1.4)
      multi_json (~> 1.0)
      rack (~> 1.2)
    omniauth (1.1.3)
      hashie (~> 1.2)
      rack
    omniauth-facebook (1.4.1)
      omniauth-oauth2 (~> 1.1.0)
    omniauth-oauth2 (1.1.1)
      oauth2 (~> 0.8.0)
      omniauth (~> 1.0)
    pg (0.14.1)
    polyglot (0.3.3)
    postmark-mitt (0.0.11)
      json_pure
      multi_json
    rack (1.5.2)
    rack-protection (1.4.0)
      rack
    rack-test (0.6.2)
      rack (>= 1.0)
    rails (4.0.0.beta1)
      actionmailer (= 4.0.0.beta1)
      actionpack (= 4.0.0.beta1)
      activerecord (= 4.0.0.beta1)
      activesupport (= 4.0.0.beta1)
      bundler (>= 1.3.0, < 2.0)
      railties (= 4.0.0.beta1)
      sprockets-rails (~> 2.0.0.rc3)
    railties (4.0.0.beta1)
      actionpack (= 4.0.0.beta1)
      activesupport (= 4.0.0.beta1)
      rake (>= 0.8.7)
      rdoc (~> 3.4)
      thor (>= 0.17.0, < 2.0)
    raindrops (0.10.0)
    rake (10.0.3)
    rdoc (3.12.2)
      json (~> 1.4)
    redis (3.0.3)
    rspec-core (2.13.0)
    rspec-expectations (2.13.0)
      diff-lcs (>= 1.1.3, < 2.0)
    rspec-mocks (2.13.0)
    rspec-rails (2.13.0)
      actionpack (>= 3.0)
      activesupport (>= 3.0)
      railties (>= 3.0)
      rspec-core (~> 2.13.0)
      rspec-expectations (~> 2.13.0)
      rspec-mocks (~> 2.13.0)
    rubinius-actor (0.0.2)
      rubinius-core-api
    rubinius-core-api (0.0.1)
    sass (3.2.7)
    sass-rails (4.0.0.beta1)
      railties (>= 4.0.0.beta, < 5.0)
      sass (>= 3.1.10)
      sprockets-rails (~> 2.0.0.rc0)
      tilt (~> 1.3)
    sinatra (1.3.5)
      rack (~> 1.4)
      rack-protection (~> 1.3)
      tilt (~> 1.3, >= 1.3.3)
    sprockets (2.9.0)
      hike (~> 1.2)
      multi_json (~> 1.0)
      rack (~> 1.0)
      tilt (~> 1.1, != 1.3.0)
    sprockets-rails (2.0.0.rc3)
      actionpack (>= 3.0)
      activesupport (>= 3.0)
      sprockets (~> 2.8)
    therubyracer (0.10.2)
      libv8 (~> 3.3.10)
    thor (0.17.0)
    thread_safe (0.1.0)
      atomic
    tilt (1.3.5)
    treetop (1.4.12)
      polyglot
      polyglot (>= 0.3.1)
    twilio-ruby (3.9.0)
      builder (>= 2.1.2)
      jwt (>= 0.1.2)
      multi_json (>= 1.3.0)
    tzinfo (0.3.36)
    uglifier (1.3.0)
      execjs (>= 0.3.0)
      multi_json (~> 1.0, >= 1.0.2)
    unicorn (4.6.2)
      kgio (~> 2.6)
      rack
      raindrops (~> 0.7)

PLATFORMS
  ruby

DEPENDENCIES
  bigdecimal
  coffee-rails (= 4.0.0.beta1)
  connection_pool
  debugger
  factory_girl_rails
  foreman
  girl_friday!
  hiredis
  incoming!
  jquery-rails
  newrelic_rpm
  nokogiri
  omniauth-facebook
  pg
  rails (= 4.0.0.beta1)
  redis
  rspec-rails
  sass-rails (= 4.0.0.beta1)
  sinatra
  therubyracer (~> 0.10.0)
  twilio-ruby
  uglifier (>= 1.0.3)
  unicorn
